GEM
  remote: https://rubygems.org/
  specs:
    axiom-types (0.1.1)
      descendants_tracker (~> 0.0.4)
      ice_nine (~> 0.11.0)
      thread_safe (~> 0.3, >= 0.3.1)
    coderay (1.1.1)
    coercible (1.0.0)
      descendants_tracker (~> 0.0.1)
    descendants_tracker (0.0.4)
      thread_safe (~> 0.3, >= 0.3.1)
    equalizer (0.0.11)
    faker (1.7.3)
      i18n (~> 0.5)
    ffi (1.9.17-java)
    i18n (0.8.1)
    ice_nine (0.11.2)
    jar-dependencies (0.3.10)
    jbundler (0.9.3)
      bundler (~> 1.5)
      jar-dependencies (~> 0.3)
      maven-tools (~> 1.1)
      ruby-maven (~> 3.3, >= 3.3.8)
    jdbc-postgres (9.4.1206)
    maven-tools (1.1.6)
      virtus (~> 1.0)
    method_source (0.8.2)
    pry (0.10.4-java)
      coderay (~> 1.1.0)
      method_source (~> 0.8.1)
      slop (~> 3.4)
      spoon (~> 0.0)
    rake (12.0.0)
    ruby-maven (3.3.12)
      ruby-maven-libs (~> 3.3.9)
    ruby-maven-libs (3.3.9)
    sequel (4.43.0)
    slop (3.6.0)
    spoon (0.0.6)
      ffi
    thread_safe (0.3.6-java)
    virtus (1.0.5)
      axiom-types (~> 0.1)
      coercible (~> 1.0)
      descendants_tracker (~> 0.0, >= 0.0.3)
      equalizer (~> 0.0, >= 0.0.9)

PLATFORMS
  java

DEPENDENCIES
  faker
  jbundler
  jdbc-postgres
  pry
  rake
  sequel

BUNDLED WITH
   1.14.3
