GEM
  remote: https://rubygems.org/
  specs:
    coderay (1.1.1)
    faker (1.7.1)
      i18n (~> 0.5)
    ffi (1.9.14-java)
    i18n (0.7.0)
    jdbc-postgres (9.4.1206)
    jruby-rack (1.1.20)
    method_source (0.8.2)
    pry (0.10.4-java)
      coderay (~> 1.1.0)
      method_source (~> 0.8.1)
      slop (~> 3.4)
      spoon (~> 0.0)
    rack (1.6.5)
    rack-protection (1.5.3)
      rack
    rake (10.4.2)
    sequel (4.41.0)
    sinatra (1.4.7)
      rack (~> 1.5)
      rack-protection (~> 1.4)
      tilt (>= 1.3, < 3)
    slop (3.6.0)
    spoon (0.0.6)
      ffi
    tilt (2.0.5)
    trinidad (1.4.6)
      jruby-rack (~> 1.1.13)
      trinidad_jars (>= 1.3.0, < 1.5.0)
    trinidad_jars (1.4.2)

PLATFORMS
  java

DEPENDENCIES
  faker
  jdbc-postgres
  pry
  rake
  sequel
  sinatra
  trinidad

RUBY VERSION
   ruby 2.3.1p0 (jruby 9.1.6.0)

BUNDLED WITH
   1.13.6
